PATH
  remote: .
  specs:
    sinatra_warden (0.3.2)
      sinatra (~> 1.3.3)
      warden (~> 1.2.1)

GEM
  remote: https://rubygems.org/
  specs:
    addressable (2.2.8)
    bcrypt-ruby (3.0.1)
    data_objects (0.10.9)
      addressable (~> 2.1)
    dm-core (1.2.0)
      addressable (~> 2.2.6)
    dm-do-adapter (1.2.0)
      data_objects (~> 0.10.6)
      dm-core (~> 1.2.0)
    dm-migrations (1.2.0)
      dm-core (~> 1.2.0)
    dm-sqlite-adapter (1.2.0)
      dm-do-adapter (~> 1.2.0)
      do_sqlite3 (~> 0.10.6)
    do_sqlite3 (0.10.9)
      data_objects (= 0.10.9)
    haml (3.1.7)
    multi_json (1.3.6)
    rack (1.4.1)
    rack-flash3 (1.0.1)
      rack
    rack-protection (1.2.0)
      rack
    rack-test (0.6.2)
      rack (>= 1.0)
    rake (10.4.2)
    rspec (1.2.9)
    simplecov (0.6.4)
      multi_json (~> 1.0)
      simplecov-html (~> 0.5.3)
    simplecov-html (0.5.3)
    sinatra (1.3.3)
      rack (~> 1.3, >= 1.3.6)
      rack-protection (~> 1.2)
      tilt (~> 1.3, >= 1.3.3)
    tilt (1.3.3)
    warden (1.2.1)
      rack (>= 1.0)
    yard (0.8.7.6)

PLATFORMS
  ruby

DEPENDENCIES
  bcrypt-ruby
  dm-core (~> 1.0)
  dm-migrations
  dm-sqlite-adapter
  do_sqlite3 (~> 0.10.0)
  haml
  rack-flash3 (~> 1.0.1)
  rack-test (~> 0.6.2)
  rake
  rspec (~> 1.2.9)
  simplecov
  sinatra_warden!
  yard (>= 0.5.4)

BUNDLED WITH
   1.10.6
